PATH
  remote: .
  specs:
    efax (1.4.2)
      builder (~> 3.1.0)
      hpricot (~> 0.8.1)

GEM
  remote: http://rubygems.org/
  specs:
    builder (3.1.4)
    hpricot (0.8.6)
    mocha (0.9.12)
    rake (10.4.2)
    test-unit (2.3.2)

PLATFORMS
  ruby

DEPENDENCIES
  efax!
  mocha (~> 0.9.12)
  rake
  test-unit (~> 2.3.2)

BUNDLED WITH
   1.10.6
